PATH
  remote: .
  specs:
    gyt (0.0.0)
      colorize
      thor

GEM
  remote: https://rubygems.org/
  specs:
    colorize (0.6.0)
    diff-lcs (1.1.3)
    rspec (2.12.0)
      rspec-core (~> 2.12.0)
      rspec-expectations (~> 2.12.0)
      rspec-mocks (~> 2.12.0)
    rspec-core (2.12.2)
    rspec-expectations (2.12.1)
      diff-lcs (~> 1.1.3)
    rspec-mocks (2.12.0)
    thor (0.18.1)

PLATFORMS
  ruby

DEPENDENCIES
  gyt!
  rspec
